GIT
  remote: git://github.com/RoboticCheese/kitchen-rackspace.git
  revision: 3d04c2304fc514a02178f49df54595862c24b517
  specs:
    kitchen-rackspace (0.3.1.dev)
      fog (~> 1.18)
      test-kitchen (~> 1.1)
      unf

GIT
  remote: git://github.com/berkshelf/berkshelf.git
  revision: 9d12f899dc908cfce0450af23e8572fa5712b03f
  specs:
    berkshelf (3.0.0.beta4)
      addressable (~> 2.3.4)
      berkshelf-api-client (~> 1.1)
      buff-config (~> 0.2)
      buff-extensions (~> 0.4)
      buff-shell_out (~> 0.1)
      faraday (~> 0.8.5)
      minitar (~> 0.5.4)
      retryable (~> 1.3.3)
      ridley (~> 2.3)
      solve (>= 0.8.0)
      thor (~> 0.18.0)

GIT
  remote: git://github.com/test-kitchen/test-kitchen.git
  revision: 1816a0fb4be703244e02ad2af87346817afe472e
  specs:
    test-kitchen (1.1.2.dev)
      mixlib-shellout (~> 1.2)
      net-scp (~> 1.1)
      net-ssh (~> 2.7)
      safe_yaml (~> 1.0)
      thor (~> 0.18)

GEM
  remote: https://rubygems.org/
  specs:
    addressable (2.3.5)
    berkshelf-api-client (1.1.1)
      faraday (~> 0.8.5)
    buff-config (0.4.0)
      buff-extensions (~> 0.3)
      varia_model (~> 0.1)
    buff-extensions (0.5.0)
    buff-ignore (1.1.1)
    buff-ruby_engine (0.1.0)
    buff-shell_out (0.1.1)
      buff-ruby_engine (~> 0.1.0)
    builder (3.2.2)
    celluloid (0.15.2)
      timers (~> 1.1.0)
    celluloid-io (0.15.0)
      celluloid (>= 0.15.0)
      nio4r (>= 0.5.0)
    erubis (2.7.0)
    excon (0.31.0)
    faraday (0.8.8)
      multipart-post (~> 1.2.0)
    fog (1.19.0)
      builder
      excon (~> 0.31.0)
      formatador (~> 0.2.0)
      mime-types
      multi_json (~> 1.0)
      net-scp (~> 1.1)
      net-ssh (>= 2.1.3)
      nokogiri (~> 1.5)
      ruby-hmac
    foodcritic (3.0.3)
      erubis
      gherkin (~> 2.11.7)
      nokogiri (~> 1.5.4)
      rake
      treetop (~> 1.4.10)
      yajl-ruby (~> 1.1.0)
    formatador (0.2.4)
    gherkin (2.11.8)
      multi_json (~> 1.3)
    hashie (2.0.5)
    json (1.8.1)
    mime-types (2.0)
    minitar (0.5.4)
    mixlib-authentication (1.3.0)
      mixlib-log
    mixlib-log (1.6.0)
    mixlib-shellout (1.3.0)
    multi_json (1.8.2)
    multipart-post (1.2.0)
    net-http-persistent (2.9)
    net-scp (1.1.2)
      net-ssh (>= 2.6.5)
    net-ssh (2.7.0)
    nio4r (0.5.0)
    nokogiri (1.5.11)
    polyglot (0.3.3)
    rake (10.1.1)
    retryable (1.3.4)
    ridley (2.4.0)
      addressable
      buff-config (~> 0.2)
      buff-extensions (~> 0.3)
      buff-ignore (~> 1.1)
      buff-shell_out (~> 0.1)
      celluloid (~> 0.15)
      celluloid-io (~> 0.15)
      erubis
      faraday (>= 0.8.4)
      hashie (>= 2.0.2)
      json (>= 1.7.7)
      mixlib-authentication (>= 1.3.0)
      net-http-persistent (>= 2.8)
      retryable
      solve (>= 0.4.4)
      varia_model (~> 0.1)
    ruby-hmac (0.4.0)
    safe_yaml (1.0.0)
    solve (0.8.2)
    thor (0.18.1)
    timers (1.1.0)
    treetop (1.4.15)
      polyglot
      polyglot (>= 0.3.1)
    unf (0.1.3)
      unf_ext
    unf_ext (0.0.6)
    varia_model (0.2.0)
      buff-extensions (~> 0.2)
      hashie (>= 2.0.2)
    yajl-ruby (1.1.0)

PLATFORMS
  ruby

DEPENDENCIES
  berkshelf!
  foodcritic (>= 3.0.3)
  kitchen-rackspace!
  test-kitchen!
